PATH
  remote: /home/dplummer/src/webby
  specs:
    webby (0.9.4.1)
      directory_watcher (>= 1.1.2)
      hpricot (>= 0.6.0)
      launchy (>= 0.3.2)
      logging (>= 0.9.7)
      loquacious (>= 1.3.0)
      rake (>= 0.8.4)
      rspec (>= 1.2.2)

GEM
  specs:
    capistrano (2.5.21)
      highline
      net-scp (>= 1.0.0)
      net-sftp (>= 2.0.0)
      net-ssh (>= 2.0.14)
      net-ssh-gateway (>= 1.0.0)
    configuration (1.3.2)
    directory_watcher (1.4.1)
    highline (1.6.15)
    hpricot (0.8.6)
    jruby-pageant (1.1.1)
    launchy (0.4.0)
      configuration (>= 0.0.5)
      rake (>= 0.8.1)
    little-plugger (1.1.3)
    logging (1.4.3)
      little-plugger (>= 1.1.2)
    loquacious (1.9.1)
    net-scp (1.0.4)
      net-ssh (>= 1.99.1)
    net-sftp (2.0.5)
      net-ssh (>= 2.0.9)
    net-ssh (2.6.0)
      jruby-pageant (>= 1.1.1)
    net-ssh-gateway (1.1.0)
      net-ssh (>= 1.99.1)
    railsless-deploy (1.0.2)
    rake (0.9.2.2)
    rspec (1.3.2)

PLATFORMS
  ruby

DEPENDENCIES
  capistrano (~> 2.5.8)
  railsless-deploy
  webby!
